GIT
  remote: git://github.com/groupbuddies/toggl.git
  revision: 342df17ad8fb7f0c0a64c51ae735d71f1085094d
  specs:
    toggl (0.3.0)
      chronic_duration
      chronic_duration (>= 0.9.0)
      hirb
      hirb (>= 0.3.1)
      httparty
      httparty (>= 0.8.1)

GEM
  remote: https://rubygems.org/
  specs:
    activemodel (3.2.13)
      activesupport (= 3.2.13)
      builder (~> 3.0.0)
    activesupport (3.2.13)
      i18n (= 0.6.1)
      multi_json (~> 1.0)
    addressable (2.3.4)
    backports (3.3.0)
    builder (3.0.4)
    chronic_duration (0.10.2)
      numerizer (~> 0.1.1)
    coderay (1.0.9)
    coffee-script (2.2.0)
      coffee-script-source
      execjs
    coffee-script-source (1.6.2)
    daemons (1.1.9)
    dashing (1.0.4)
      coffee-script
      rack
      rufus-scheduler
      sass
      sinatra
      sinatra-contrib
      sprockets
      thin
      thor
    diff-lcs (1.2.3)
    eventmachine (1.0.3)
    execjs (1.4.0)
      multi_json (~> 1.0)
    hike (1.2.2)
    hirb (0.7.1)
    httparty (0.11.0)
      multi_json (~> 1.0)
      multi_xml (>= 0.5.2)
    i18n (0.6.1)
    json (1.7.7)
    method_source (0.8.1)
    mime-types (1.23)
    multi_json (1.7.7)
    multi_xml (0.5.4)
    numerizer (0.1.1)
    oauth (0.4.7)
    pry (0.9.12.2)
      coderay (~> 1.0.5)
      method_source (~> 0.8)
      slop (~> 3.4)
    rack (1.5.2)
    rack-protection (1.5.0)
      rack
    rack-test (0.6.2)
      rack (>= 1.0)
    rest-client (1.6.7)
      mime-types (>= 1.16)
    rspec (2.13.0)
      rspec-core (~> 2.13.0)
      rspec-expectations (~> 2.13.0)
      rspec-mocks (~> 2.13.0)
    rspec-core (2.13.1)
    rspec-expectations (2.13.0)
      diff-lcs (>= 1.1.3, < 2.0)
    rspec-mocks (2.13.1)
    ruby-trello (1.0.1)
      activemodel
      addressable (~> 2.3)
      json
      oauth (~> 0.4.5)
      rest-client (~> 1.6.7)
    rufus-scheduler (2.0.18)
      tzinfo (>= 0.3.23)
    sass (3.2.8)
    sinatra (1.4.2)
      rack (~> 1.5, >= 1.5.2)
      rack-protection (~> 1.4)
      tilt (~> 1.3, >= 1.3.4)
    sinatra-contrib (1.4.0)
      backports (>= 2.0)
      eventmachine
      rack-protection
      rack-test
      sinatra (~> 1.4.2)
      tilt (~> 1.3)
    slop (3.4.6)
    sprockets (2.9.3)
      hike (~> 1.2)
      multi_json (~> 1.0)
      rack (~> 1.0)
      tilt (~> 1.1, != 1.3.0)
    thin (1.5.1)
      daemons (>= 1.0.9)
      eventmachine (>= 0.12.6)
      rack (>= 1.0.0)
    thor (0.18.1)
    tilt (1.4.0)
    tzinfo (0.3.37)

PLATFORMS
  ruby

DEPENDENCIES
  dashing
  pry
  rspec
  ruby-trello
  toggl!
